GIT
  remote: https://github.com/everypolitician/field_serializer.git
  revision: 5de2b5898b8f56c79f62276362047940312f591a
  specs:
    field_serializer (0.1.0)

GIT
  remote: https://github.com/everypolitician/scraped_page_archive.git
  revision: 317f10cf3c6abbfb7f1871e80c73b8d8cf07f07a
  specs:
    scraped_page_archive (0.4.1)
      git (~> 1.3.0)
      vcr-archive (~> 0.3.0)

GIT
  remote: https://github.com/openaustralia/scraperwiki-ruby.git
  revision: fc50176812505e463077d5c673d504a6a234aa78
  branch: morph_defaults
  specs:
    scraperwiki (3.0.1)
      httpclient
      sqlite_magic

GEM
  remote: https://rubygems.org/
  specs:
    addressable (2.4.0)
    ast (2.3.0)
    coderay (1.1.1)
    colorize (0.8.1)
    crack (0.4.3)
      safe_yaml (~> 1.0.0)
    git (1.3.0)
    hashdiff (0.3.0)
    httpclient (2.8.2.4)
    method_source (0.8.2)
    mini_portile2 (2.1.0)
    nokogiri (1.6.8.1)
      mini_portile2 (~> 2.1.0)
    open-uri-cached (0.0.5)
    parser (2.3.1.4)
      ast (~> 2.2)
    powerpack (0.1.1)
    pry (0.10.4)
      coderay (~> 1.1.0)
      method_source (~> 0.8.1)
      slop (~> 3.4)
    rainbow (2.1.0)
    require_all (1.3.3)
    rubocop (0.44.1)
      parser (>= 2.3.1.1, < 3.0)
      powerpack (~> 0.1)
      rainbow (>= 1.99.1, < 3.0)
      ruby-progressbar (~> 1.7)
      unicode-display_width (~> 1.0, >= 1.0.1)
    ruby-progressbar (1.8.1)
    safe_yaml (1.0.4)
    slop (3.6.0)
    sqlite3 (1.3.12)
    sqlite_magic (0.0.6)
      sqlite3
    unicode-display_width (1.1.1)
    vcr (3.0.3)
    vcr-archive (0.3.0)
      vcr (~> 3.0.2)
      webmock (~> 2.0.3)
    webmock (2.0.3)
      addressable (>= 2.3.6)
      crack (>= 0.3.2)
      hashdiff

PLATFORMS
  ruby

DEPENDENCIES
  colorize
  field_serializer!
  nokogiri
  open-uri-cached
  pry
  require_all
  rubocop
  scraped_page_archive!
  scraperwiki!

RUBY VERSION
   ruby 2.3.1p112

BUNDLED WITH
   1.13.4
